GEM
  remote: https://rubygems.org/
  specs:
    coderay (1.1.3)
    cosine-similarity (1.0.0)
    dotenv (2.8.1)
    faraday (2.7.4)
      faraday-net_http (>= 2.0, < 3.1)
      ruby2_keywords (>= 0.0.4)
    faraday-multipart (1.0.4)
      multipart-post (~> 2)
    faraday-net_http (3.0.2)
    method_source (1.0.0)
    multipart-post (2.3.0)
    pry (0.14.2)
      coderay (~> 1.1)
      method_source (~> 1.0)
    ruby-openai (4.0.0)
      faraday (>= 1)
      faraday-multipart (>= 1)
    ruby2_keywords (0.0.5)
    tiktoken_ruby (0.0.4-x86_64-darwin)

PLATFORMS
  x86_64-darwin-21

DEPENDENCIES
  cosine-similarity
  dotenv
  pry
  ruby-openai
  tiktoken_ruby

BUNDLED WITH
   2.3.25
