GEM
  remote: https://rubygems.org/
  specs:
    cosine-similarity (1.0.0)
    faraday (2.7.4)
      faraday-net_http (>= 2.0, < 3.1)
      ruby2_keywords (>= 0.0.4)
    faraday-multipart (1.0.4)
      multipart-post (~> 2)
    faraday-net_http (3.0.2)
    multipart-post (2.3.0)
    ruby-openai (4.0.0)
      faraday (>= 1)
      faraday-multipart (>= 1)
    ruby2_keywords (0.0.5)
    tiktoken_ruby (0.0.4-x86_64-darwin)

PLATFORMS
  x86_64-darwin-21

DEPENDENCIES
  cosine-similarity
  ruby-openai
  tiktoken_ruby

BUNDLED WITH
   2.3.25
